GEM
  remote: https://rubygems.org/
  specs:
    prettier (0.20.1)

PLATFORMS
  ruby

DEPENDENCIES
  prettier

BUNDLED WITH
   1.16.1
